PATH
  remote: .
  specs:
    fallout (0.1.0)
      aws-sdk (< 3)
      trollop

GEM
  remote: https://rubygems.org/
  specs:
    aws-sdk (2.1.35)
      aws-sdk-resources (= 2.1.35)
    aws-sdk-core (2.1.35)
      jmespath (~> 1.0)
    aws-sdk-resources (2.1.35)
      aws-sdk-core (= 2.1.35)
    jmespath (1.1.3)
    rake (10.4.2)
    trollop (2.1.2)

PLATFORMS
  ruby

DEPENDENCIES
  bundler
  fallout!
  rake
