PATH
  remote: .
  specs:
    fallout (0.0.1)
      aws-sdk
      trollop

GEM
  remote: https://rubygems.org/
  specs:
    aws-sdk (1.52.0)
      aws-sdk-v1 (= 1.52.0)
    aws-sdk-v1 (1.52.0)
      json (~> 1.4)
      nokogiri (>= 1.4.4)
    json (1.8.1)
    mini_portile (0.6.0)
    nokogiri (1.6.3.1)
      mini_portile (= 0.6.0)
    rake (10.3.2)
    trollop (2.0)

PLATFORMS
  ruby

DEPENDENCIES
  bundler (~> 1.5)
  fallout!
  rake
